GEM
  remote: http://rubygems.org/
  specs:
    awesome_print (1.0.2)
    json (1.6.5)
    maruku (0.6.0)
      syntax (>= 1.0.0)
    syntax (1.0.0)
    thor (0.14.6)

PLATFORMS
  ruby

DEPENDENCIES
  awesome_print
  json
  maruku
  thor
