GEM
  remote: http://rubygems.org/
  specs:
    json (1.6.5)
    thor (0.14.6)

PLATFORMS
  ruby

DEPENDENCIES
  json
  thor
